GEM
  specs:
    redmine_crm (0.0.22)
    ruby-ole (1.2.12)
    spreadsheet (0.6.9)
      ruby-ole (>= 1.0)
    vcard (0.2.12)

PLATFORMS
  ruby

DEPENDENCIES
  redmine_crm
  spreadsheet (~> 0.6.8)
  vcard (~> 0.2.8)

BUNDLED WITH
   1.13.0
